PATH
  remote: .
  specs:
    active_processor (1.0.0)
      google4r-checkout (= 1.0.6)
      ideal (= 0.2.0)

GEM
  remote: http://rubygems.org/
  specs:
    builder (3.2.2)
    google4r-checkout (1.0.6)
      money (>= 1.7.1)
    i18n (0.6.5)
    ideal (0.2.0)
      builder
      nap
    money (5.1.1)
      i18n (~> 0.6.0)
    nap (0.5.1)

PLATFORMS
  ruby

DEPENDENCIES
  active_processor!
