PATH
  remote: .
  specs:
    active_processor (1.0.0)

GEM
  remote: http://rubygems.org/
  specs:

PLATFORMS
  ruby

DEPENDENCIES
  active_processor!
