PATH
  remote: .
  specs:
    active_processor (1.0.0)
      activemerchant (= 1.5.0)
      google4r-checkout (= 1.0.6)
      ideal (= 0.2.0)

GEM
  remote: http://rubygems.org/
  specs:
    activemerchant (1.5.0)
      activesupport (>= 2.3.2)
      builder (>= 2.0.0)
    activesupport (4.0.0)
      i18n (~> 0.6, >= 0.6.4)
      minitest (~> 4.2)
      multi_json (~> 1.3)
      thread_safe (~> 0.1)
      tzinfo (~> 0.3.37)
    atomic (1.1.14)
    builder (3.2.2)
    google4r-checkout (1.0.6)
      money (>= 1.7.1)
    i18n (0.6.5)
    ideal (0.2.0)
      builder
      nap
    minitest (4.7.5)
    money (5.1.1)
      i18n (~> 0.6.0)
    multi_json (1.8.2)
    nap (0.5.1)
    thread_safe (0.1.3)
      atomic
    tzinfo (0.3.38)

PLATFORMS
  ruby

DEPENDENCIES
  active_processor!
