PATH
  remote: .
  specs:
    active_processor (1.0.4)
      activemerchant (= 1.5.0)
      google4r-checkout (= 1.0.6)
      ideal (= 0.2.0)
      railties (>= 3.0.0)

GEM
  remote: http://rubygems.org/
  specs:
    actionpack (4.0.0)
      activesupport (= 4.0.0)
      builder (~> 3.1.0)
      erubis (~> 2.7.0)
      rack (~> 1.5.2)
      rack-test (~> 0.6.2)
    activemerchant (1.5.0)
      activesupport (>= 2.3.2)
      builder (>= 2.0.0)
    activesupport (4.0.0)
      i18n (~> 0.6, >= 0.6.4)
      minitest (~> 4.2)
      multi_json (~> 1.3)
      thread_safe (~> 0.1)
      tzinfo (~> 0.3.37)
    atomic (1.1.14)
    builder (3.1.4)
    erubis (2.7.0)
    google4r-checkout (1.0.6)
      money (>= 1.7.1)
    i18n (0.6.5)
    ideal (0.2.0)
      builder
      nap
    metaclass (0.0.1)
    minitest (4.7.5)
    mocha (0.13.3)
      metaclass (~> 0.0.1)
    money (5.1.1)
      i18n (~> 0.6.0)
    multi_json (1.8.2)
    nap (0.5.1)
    rack (1.5.2)
    rack-test (0.6.2)
      rack (>= 1.0)
    railties (4.0.0)
      actionpack (= 4.0.0)
      activesupport (= 4.0.0)
      rake (>= 0.8.7)
      thor (>= 0.18.1, < 2.0)
    rake (10.1.0)
    shoulda (2.11.3)
    thor (0.18.1)
    thread_safe (0.1.3)
      atomic
    tzinfo (0.3.38)

PLATFORMS
  ruby

DEPENDENCIES
  active_processor!
  mocha
  shoulda
